GEM
  remote: http://rubygems.org/
  specs:
    bio (1.4.2)
    ffi (1.0.9)
    ffi (1.0.9-java)
    git (1.2.5)
    jeweler (1.6.0)
      bundler (~> 1.0.0)
      git (>= 1.2.5)
      rake
    json (1.6.1)
    rake (0.9.2.2)
    rcov (0.9.9)
    rcov (0.9.9-java)
    rdoc (3.11)
      json (~> 1.4)
    shoulda (2.11.3)

PLATFORMS
  java
  ruby

DEPENDENCIES
  bio (>= 1.4.2)
  bundler (~> 1.0.0)
  ffi
  jeweler
  rcov
  rdoc
  shoulda
