GEM
  remote: http://rubygems.org/
  specs:
    bio (1.4.2)
    ffi (1.0.9)
    ffi (1.0.9-java)
    git (1.2.5)
    jeweler (1.8.4)
      bundler (~> 1.0)
      git (>= 1.2.5)
      rake
      rdoc
    json (1.6.1)
    json (1.6.1-java)
    rake (10.0.3)
    rcov (0.9.9)
    rcov (0.9.9-java)
    rdoc (3.11)
      json (~> 1.4)
    shoulda (2.11.3)
    systemu (2.5.2)

PLATFORMS
  java
  ruby

DEPENDENCIES
  bio (>= 1.4.2)
  bundler (> 1.0.21)
  ffi
  jeweler
  rcov
  rdoc
  shoulda
  systemu (>= 2.5.2)
